GIT
  remote: git://github.com/brianmario/bzip2-ruby.git
  revision: 1867f44b790e8bf3b827757331e891d1b480e9d8
  specs:
    bzip2-ruby (0.2.7)

GIT
  remote: git://github.com/intridea/omniauth-openid.git
  revision: e9965493e2d8a2fc138ccae39c8bcf49311e496f
  specs:
    omniauth-openid (1.0.1)
      omniauth (~> 1.0)
      rack-openid (~> 1.3.1)

GIT
  remote: git://github.com/reu/omniauth-steam.git
  revision: fbf59abfd535c3a0e4961367c34c5e34cd38189c
  specs:
    omniauth-steam (1.0.2)
      multi_json
      omniauth-openid

GEM
  remote: https://rubygems.org/
  specs:
    backports (3.3.0)
    better_errors (0.8.0)
      coderay (>= 1.0.0)
      erubis (>= 2.6.6)
    binding_of_caller (0.7.1)
      debug_inspector (>= 0.0.1)
    bson (1.8.5)
    bson_ext (1.8.5)
      bson (~> 1.8.5)
    coderay (1.0.9)
    coffee-script (2.2.0)
      coffee-script-source
      execjs
    coffee-script-source (1.6.2)
    daemons (1.1.9)
    debug_inspector (0.0.2)
    erubis (2.7.0)
    eventmachine (1.0.3)
    execjs (1.4.0)
      multi_json (~> 1.0)
    hashie (2.0.4)
    mongo (1.8.5)
      bson (~> 1.8.5)
    multi_json (1.6.1)
    multi_xml (0.5.3)
    omniauth (1.1.4)
      hashie (>= 1.2, < 3)
      rack
    rack (1.5.2)
    rack-openid (1.3.1)
      rack (>= 1.1.0)
      ruby-openid (>= 2.1.8)
    rack-protection (1.5.0)
      rack
    rack-test (0.6.2)
      rack (>= 1.0)
    rake (10.0.4)
    retriable (1.3.3)
    ruby-openid (2.2.3)
    sinatra (1.4.2)
      rack (~> 1.5, >= 1.5.2)
      rack-protection (~> 1.4)
      tilt (~> 1.3, >= 1.3.4)
    sinatra-contrib (1.4.0)
      backports (>= 2.0)
      eventmachine
      rack-protection
      rack-test
      sinatra (~> 1.4.2)
      tilt (~> 1.3)
    steam-condenser (1.3.5)
      bzip2-ruby (~> 0.2.7)
      multi_json (~> 1.6.0)
      multi_xml (~> 0.5.2)
    thin (1.5.1)
      daemons (>= 1.0.9)
      eventmachine (>= 0.12.6)
      rack (>= 1.0.0)
    tilt (1.4.0)

PLATFORMS
  ruby

DEPENDENCIES
  better_errors
  binding_of_caller
  bson_ext
  bzip2-ruby!
  coffee-script
  mongo
  omniauth-openid!
  omniauth-steam!
  rake
  retriable
  sinatra
  sinatra-contrib
  steam-condenser
  thin
