GIT
  remote: git://github.com/brianmario/bzip2-ruby.git
  revision: e58f154624ff2d770e92a70e0d8fb1a9e6564720
  specs:
    bzip2-ruby (0.2.7)

GIT
  remote: git://github.com/intridea/omniauth-openid.git
  revision: e9965493e2d8a2fc138ccae39c8bcf49311e496f
  specs:
    omniauth-openid (1.0.1)
      omniauth (~> 1.0)
      rack-openid (~> 1.3.1)

GIT
  remote: git://github.com/reu/omniauth-steam.git
  revision: fbf59abfd535c3a0e4961367c34c5e34cd38189c
  specs:
    omniauth-steam (1.0.2)
      multi_json
      omniauth-openid

GEM
  remote: https://rubygems.org/
  specs:
    backports (3.3.3)
    better_errors (0.9.0)
      coderay (>= 1.0.0)
      erubis (>= 2.6.6)
    binding_of_caller (0.7.2)
      debug_inspector (>= 0.0.1)
    bson (1.9.2)
    bson_ext (1.9.2)
      bson (~> 1.9.2)
    coderay (1.0.9)
    coffee-script (2.2.0)
      coffee-script-source
      execjs
    coffee-script-source (1.6.3)
    daemons (1.1.9)
    debug_inspector (0.0.2)
    erubis (2.7.0)
    eventmachine (1.0.3)
    execjs (2.0.0)
    hashie (2.0.5)
    mongo (1.9.2)
      bson (~> 1.9.2)
    multi_json (1.7.9)
    multi_xml (0.5.5)
    omniauth (1.1.4)
      hashie (>= 1.2, < 3)
      rack
    rack (1.5.2)
    rack-openid (1.3.1)
      rack (>= 1.1.0)
      ruby-openid (>= 2.1.8)
    rack-protection (1.5.0)
      rack
    rack-test (0.6.2)
      rack (>= 1.0)
    rake (10.1.0)
    retriable (1.3.3.1)
    ruby-openid (2.2.3)
    sinatra (1.4.3)
      rack (~> 1.4)
      rack-protection (~> 1.4)
      tilt (~> 1.3, >= 1.3.4)
    sinatra-contrib (1.4.1)
      backports (>= 2.0)
      multi_json
      rack-protection
      rack-test
      sinatra (~> 1.4.0)
      tilt (~> 1.3)
    steam-condenser (1.3.6)
      multi_json (~> 1.7.2)
      multi_xml (~> 0.5.2)
    thin (1.5.1)
      daemons (>= 1.0.9)
      eventmachine (>= 0.12.6)
      rack (>= 1.0.0)
    tilt (1.4.1)

PLATFORMS
  ruby

DEPENDENCIES
  better_errors
  binding_of_caller
  bson_ext
  bzip2-ruby!
  coffee-script
  mongo
  omniauth-openid!
  omniauth-steam!
  rake
  retriable
  sinatra
  sinatra-contrib
  steam-condenser
  thin
